GEM
  remote: http://rubygems.org/
  specs:
    archive-tar-minitar (0.5.2)
    builder (3.0.0)
    capybara (0.4.1.2)
      celerity (>= 0.7.9)
      culerity (>= 0.2.4)
      mime-types (>= 1.16)
      nokogiri (>= 1.3.3)
      rack (>= 1.0.0)
      rack-test (>= 0.5.4)
      selenium-webdriver (>= 0.0.27)
      xpath (~> 0.1.3)
    celerity (0.8.9)
    childprocess (0.1.8)
      ffi (~> 1.0.6)
    columnize (0.3.2)
    cucumber (0.10.2)
      builder (>= 2.1.2)
      diff-lcs (>= 1.1.2)
      gherkin (>= 2.3.5)
      json (>= 1.4.6)
      term-ansicolor (>= 1.0.5)
    culerity (0.2.15)
    diff-lcs (1.1.2)
    ffi (1.0.9)
    gherkin (2.3.6)
      json (>= 1.4.6)
    json (1.5.1)
    json_pure (1.5.1)
    linecache19 (0.5.12)
      ruby_core_source (>= 0.1.4)
    mime-types (1.16)
    minitest (1.6.0)
    net-scp (1.0.4)
      net-ssh (>= 1.99.1)
    net-ssh (2.1.4)
    nokogiri (1.5.5)
    pg (0.11.0)
    rack (1.2.2)
    rack-test (0.5.7)
      rack (>= 1.0)
    rake (0.8.7)
    rdoc (2.5.8)
    rspec (2.5.0)
      rspec-core (~> 2.5.0)
      rspec-expectations (~> 2.5.0)
      rspec-mocks (~> 2.5.0)
    rspec-core (2.5.2)
    rspec-expectations (2.5.0)
      diff-lcs (~> 1.1.2)
    rspec-mocks (2.5.0)
    ruby-debug-base19 (0.11.25)
      columnize (>= 0.3.1)
      linecache19 (>= 0.5.11)
      ruby_core_source (>= 0.1.4)
    ruby-debug19 (0.11.6)
      columnize (>= 0.3.1)
      linecache19 (>= 0.5.11)
      ruby-debug-base19 (>= 0.11.19)
    ruby_core_source (0.1.5)
      archive-tar-minitar (>= 0.5.2)
    rubyzip (0.9.4)
    selenium-webdriver (0.1.4)
      childprocess (>= 0.1.7)
      ffi (>= 1.0.7)
      json_pure
      rubyzip
    term-ansicolor (1.0.5)
    xpath (0.1.3)
      nokogiri (~> 1.3)

PLATFORMS
  ruby

DEPENDENCIES
  archive-tar-minitar (= 0.5.2)
  builder (= 3.0.0)
  capybara (= 0.4.1.2)
  celerity (= 0.8.9)
  childprocess (= 0.1.8)
  columnize (= 0.3.2)
  cucumber (= 0.10.2)
  culerity (= 0.2.15)
  diff-lcs (= 1.1.2)
  ffi (= 1.0.9)
  gherkin (= 2.3.6)
  json (= 1.5.1)
  json_pure (= 1.5.1)
  linecache19 (= 0.5.12)
  mime-types (= 1.16)
  minitest (= 1.6.0)
  net-scp (= 1.0.4)
  net-ssh (= 2.1.4)
  nokogiri (= 1.5.5)
  pg (= 0.11.0)
  rack (= 1.2.2)
  rack-test (= 0.5.7)
  rake (= 0.8.7)
  rdoc (= 2.5.8)
  rspec (= 2.5.0)
  ruby-debug-base19 (= 0.11.25)
  ruby-debug19 (= 0.11.6)
  ruby_core_source (= 0.1.5)
  rubyzip (= 0.9.4)
  selenium-webdriver (= 0.1.4)
  term-ansicolor (= 1.0.5)
  xpath (= 0.1.3)
